GEM
  remote: https://rubygems.org/
  specs:
    asciidoctor (2.0.23)
    asciidoctor-html (0.1.6)
      asciidoctor (~> 2.0)
      filewatcher (~> 2.1)
      psych (~> 5.2)
      roman-numerals (~> 0.3)
    date (3.4.1)
    filewatcher (2.1.0)
      module_methods (~> 0.1.0)
    logger (1.7.0)
    module_methods (0.1.0)
    psych (5.2.6)
      date
      stringio
    roman-numerals (0.3.0)
    stringio (3.1.7)

PLATFORMS
  ruby
  x86_64-linux

DEPENDENCIES
  asciidoctor-html (~> 0.1)
  logger (~> 1.7)

BUNDLED WITH
   2.7.1
