GEM
  remote: https://rubygems.org/
  specs:
    asciidoctor (2.0.23)
    asciidoctor-html (1.0.2)
      asciidoctor (= 2.0.23)
      filewatcher (= 2.1.0)
      nokogiri (= 1.18.9)
      psych (= 5.2.6)
      roman-numerals (= 0.3.0)
    date (3.4.1)
    filewatcher (2.1.0)
      module_methods (~> 0.1.0)
    logger (1.7.0)
    mini_portile2 (2.8.9)
    module_methods (0.1.0)
    nokogiri (1.18.9)
      mini_portile2 (~> 2.8.2)
      racc (~> 1.4)
    nokogiri (1.18.9-x86_64-linux-gnu)
      racc (~> 1.4)
    psych (5.2.6)
      date
      stringio
    racc (1.8.1)
    roman-numerals (0.3.0)
    stringio (3.1.7)

PLATFORMS
  ruby
  x86_64-linux

DEPENDENCIES
  asciidoctor-html (~> 1.0)
  logger (~> 1.7)

BUNDLED WITH
   2.7.1
